PATH
  remote: .
  specs:
    justifi (0.3.1.haxzorz)

GEM
  remote: https://rubygems.org/
  specs:
    addressable (2.8.0)
      public_suffix (>= 2.0.2, < 5.0)
    ast (2.4.2)
    byebug (11.1.3)
    crack (0.4.5)
      rexml
    diff-lcs (1.5.0)
    docile (1.4.0)
    dotenv (2.7.6)
    hashdiff (1.0.1)
    parallel (1.20.1)
    parser (3.1.0.0)
      ast (~> 2.4.1)
    public_suffix (4.0.6)
    rainbow (3.1.1)
    rake (13.0.6)
    regexp_parser (2.2.0)
    repo-small-badge (0.2.7)
      victor (~> 0.2.8)
    rexml (3.2.5)
    rspec (3.10.0)
      rspec-core (~> 3.10.0)
      rspec-expectations (~> 3.10.0)
      rspec-mocks (~> 3.10.0)
    rspec-core (3.10.2)
      rspec-support (~> 3.10.0)
    rspec-expectations (3.10.2)
      diff-lcs (>= 1.2.0, < 2.0)
      rspec-support (~> 3.10.0)
    rspec-mocks (3.10.3)
      diff-lcs (>= 1.2.0, < 2.0)
      rspec-support (~> 3.10.0)
    rspec-support (3.10.3)
    rubocop (1.12.1)
      parallel (~> 1.10)
      parser (>= 3.0.0.0)
      rainbow (>= 2.2.2, < 4.0)
      regexp_parser (>= 1.8, < 3.0)
      rexml
      rubocop-ast (>= 1.2.0, < 2.0)
      ruby-progressbar (~> 1.7)
      unicode-display_width (>= 1.4.0, < 3.0)
    rubocop-ast (1.4.1)
      parser (>= 2.7.1.5)
    rubocop-performance (1.10.1)
      rubocop (>= 0.90.0, < 2.0)
      rubocop-ast (>= 0.4.0)
    ruby-progressbar (1.11.0)
    simplecov (0.21.2)
      docile (~> 1.1)
      simplecov-html (~> 0.11)
      simplecov_json_formatter (~> 0.1)
    simplecov-html (0.12.3)
    simplecov-small-badge (0.2.4)
      repo-small-badge (~> 0.2.7)
      simplecov (~> 0.17)
    simplecov_json_formatter (0.1.4)
    standard (1.0.5)
      rubocop (= 1.12.1)
      rubocop-performance (= 1.10.1)
    unicode-display_width (2.1.0)
    victor (0.2.8)
    webmock (3.14.0)
      addressable (>= 2.8.0)
      crack (>= 0.3.2)
      hashdiff (>= 0.4.0, < 2.0.0)

PLATFORMS
  ruby

DEPENDENCIES
  byebug
  dotenv
  justifi!
  rake (~> 13.0)
  rspec (~> 3.0)
  rubocop
  simplecov
  simplecov-small-badge
  standard
  webmock (>= 3.8.0)

BUNDLED WITH
   2.2.15
